RESTRICTION: || (== net40) (== net462)
NUGET
  remote: https://api.nuget.org/v3/index.json
    ControlzEx (3.0.2.4)
    Costura.Fody (4.1)
      Fody (>= 6.0)
    DynamicData (6.13.21) - restriction: || (&& (== net40) (>= net461)) (&& (== net40) (>= netstandard2.0)) (&& (== net40) (>= tizen4.0)) (&& (== net40) (>= uap10.1)) (&& (== net40) (>= xamarintvos)) (== net462)
      System.Reactive (>= 4.2) - restriction: || (&& (== net40) (>= net461)) (&& (== net40) (>= netstandard2.0)) (&& (== net40) (>= uap10.1)) (== net462)
    Fody (6.0.5)
    gong-wpf-dragdrop (2.1)
    MahApps.Metro (1.6.5)
      ControlzEx (>= 3.0.2.4 < 4.0)
    MahApps.Metro.IconPacks (3.0.0-alpha0260)
    MahApps.Metro.SimpleChildWindow (1.5)
      MahApps.Metro (>= 1.6)
    MaterialDesignColors (1.2)
    MaterialDesignThemes (3.0.0-ci765)
      MaterialDesignColors (>= 1.2 < 2.0)
    Newtonsoft.Json (12.0.3)
    NLog (4.6.8)
    QuickIO.NET (2.6.2)
    reactiveui (1.0)
      DynamicData (>= 6.7.1.2534) - restriction: || (&& (== net40) (>= net461)) (&& (== net40) (>= netstandard2.0)) (&& (== net40) (>= tizen4.0)) (&& (== net40) (>= uap10.1)) (&& (== net40) (>= xamarintvos)) (== net462)
      Splat (>= 5.1.4) - restriction: || (&& (== net40) (>= net461)) (&& (== net40) (>= netstandard2.0)) (&& (== net40) (>= tizen4.0)) (&& (== net40) (>= uap10.1)) (&& (== net40) (>= xamarintvos)) (== net462)
      System.Reactive (>= 4.0) - restriction: || (&& (== net40) (>= net461)) (&& (== net40) (>= netstandard2.0)) (&& (== net40) (>= tizen4.0)) (&& (== net40) (>= uap10.1)) (&& (== net40) (>= xamarintvos)) (== net462)
      System.Reactive.Compatibility (>= 4.0) - restriction: || (&& (== net40) (>= net461)) (&& (== net40) (>= netstandard2.0)) (&& (== net40) (>= tizen4.0)) (&& (== net40) (>= uap10.1)) (&& (== net40) (>= xamarintvos)) (== net462)
      System.ValueTuple (>= 4.5) - restriction: || (&& (== net40) (>= net461)) (== net462)
    reactiveui-events (7.4)
      Rx-Main (>= 2.2.5)
    Rx-Core (2.2.5)
      Rx-Interfaces (>= 2.2.5)
    Rx-Interfaces (2.2.5)
    Rx-Linq (2.2.5)
      Rx-Core (>= 2.2.5)
      Rx-Interfaces (>= 2.2.5)
    Rx-Main (2.2.5)
      Rx-Core (>= 2.2.5)
      Rx-Interfaces (>= 2.2.5)
      Rx-Linq (>= 2.2.5)
      Rx-PlatformServices (>= 2.2.5)
    Rx-PlatformServices (2.3)
      Rx-Core (>= 2.2)
      Rx-Interfaces (>= 2.2)
    Splat (6.1.7)
      System.Drawing.Primitives (>= 4.3) - restriction: || (&& (== net40) (>= net461)) (&& (== net40) (>= netstandard2.0)) (&& (== net40) (>= uap10.1)) (== net462)
    System.Drawing.Primitives (4.3) - restriction: || (&& (== net40) (>= net461)) (&& (== net40) (>= netstandard2.0)) (&& (== net40) (>= uap10.1)) (== net462)
    System.Reactive (4.2) - restriction: || (&& (== net40) (>= net461)) (&& (== net40) (>= netstandard2.0)) (&& (== net40) (>= uap10.1)) (== net462)
      System.Threading.Tasks.Extensions (>= 4.5.3) - restriction: || (&& (== net40) (>= net46)) (&& (== net40) (>= netstandard2.0)) (&& (== net40) (>= uap10.0)) (&& (== net40) (>= uap10.1)) (== net462)
      System.ValueTuple (>= 4.5) - restriction: || (&& (== net40) (>= net46)) (&& (== net40) (>= uap10.0)) (== net462)
    System.Reactive.Compatibility (4.2) - restriction: || (&& (== net40) (>= net461)) (&& (== net40) (>= netstandard2.0)) (&& (== net40) (>= tizen4.0)) (&& (== net40) (>= uap10.1)) (&& (== net40) (>= xamarintvos)) (== net462)
      System.Reactive.Core (>= 4.2) - restriction: || (&& (== net40) (>= net45)) (&& (== net40) (>= netstandard1.3)) (== net462)
      System.Reactive.Experimental (>= 4.2) - restriction: || (&& (== net40) (>= net45)) (== net462)
      System.Reactive.Interfaces (>= 4.2) - restriction: || (&& (== net40) (>= net45)) (&& (== net40) (>= netstandard1.3)) (== net462)
      System.Reactive.Linq (>= 4.2) - restriction: || (&& (== net40) (>= net45)) (&& (== net40) (>= netstandard1.3)) (== net462)
      System.Reactive.PlatformServices (>= 4.2) - restriction: || (&& (== net40) (>= net45)) (&& (== net40) (>= netstandard1.3)) (== net462)
      System.Reactive.Providers (>= 4.2) - restriction: || (&& (== net40) (>= net45)) (&& (== net40) (>= netstandard1.3)) (== net462)
      System.Reactive.Runtime.Remoting (>= 4.2) - restriction: || (&& (== net40) (>= net45)) (== net462)
      System.Reactive.Windows.Forms (>= 4.2) - restriction: || (&& (== net40) (>= net45)) (== net462)
      System.Reactive.Windows.Threading (>= 4.2) - restriction: || (&& (== net40) (>= net45)) (&& (== net40) (>= uap10.0)) (== net462)
    System.Reactive.Core (4.2) - restriction: || (&& (== net40) (>= net461)) (&& (== net40) (>= netstandard2.0)) (&& (== net40) (>= tizen4.0)) (&& (== net40) (>= uap10.1)) (&& (== net40) (>= xamarintvos)) (== net462)
      System.Reactive (>= 4.2) - restriction: || (&& (== net40) (>= net46)) (&& (== net40) (>= netstandard2.0)) (&& (== net40) (>= uap10.0)) (== net462)
      System.Threading.Tasks.Extensions (>= 4.5.3) - restriction: || (&& (== net40) (>= net46)) (&& (== net40) (>= netstandard2.0)) (&& (== net40) (>= uap10.0)) (== net462)
    System.Reactive.Experimental (4.2) - restriction: || (&& (== net40) (>= net45) (>= netstandard2.0)) (&& (== net40) (>= net45) (>= tizen4.0)) (&& (== net40) (>= net45) (>= uap10.1)) (&& (== net40) (>= net45) (>= xamarintvos)) (&& (== net40) (>= net461)) (== net462)
      System.Reactive (>= 4.2) - restriction: || (&& (== net40) (>= net46)) (== net462)
      System.Threading.Tasks.Extensions (>= 4.5.3) - restriction: || (&& (== net40) (>= net46)) (== net462)
    System.Reactive.Interfaces (4.2) - restriction: || (&& (== net40) (>= net461)) (&& (== net40) (>= netstandard2.0)) (&& (== net40) (>= tizen4.0)) (&& (== net40) (>= uap10.1)) (&& (== net40) (>= xamarintvos)) (== net462)
      System.Reactive (>= 4.2) - restriction: || (&& (== net40) (>= net46)) (&& (== net40) (>= netstandard2.0)) (&& (== net40) (>= uap10.0)) (== net462)
      System.Threading.Tasks.Extensions (>= 4.5.3) - restriction: || (&& (== net40) (>= net46)) (&& (== net40) (>= netstandard2.0)) (&& (== net40) (>= uap10.0)) (== net462)
    System.Reactive.Linq (4.2) - restriction: || (&& (== net40) (>= net461)) (&& (== net40) (>= netstandard2.0)) (&& (== net40) (>= tizen4.0)) (&& (== net40) (>= uap10.1)) (&& (== net40) (>= xamarintvos)) (== net462)
      System.Reactive (>= 4.2) - restriction: || (&& (== net40) (>= net46)) (&& (== net40) (>= netstandard2.0)) (&& (== net40) (>= uap10.0)) (== net462)
      System.Threading.Tasks.Extensions (>= 4.5.3) - restriction: || (&& (== net40) (>= net46)) (&& (== net40) (>= netstandard2.0)) (&& (== net40) (>= uap10.0)) (== net462)
    System.Reactive.PlatformServices (4.2) - restriction: || (&& (== net40) (>= net461)) (&& (== net40) (>= netstandard2.0)) (&& (== net40) (>= tizen4.0)) (&& (== net40) (>= uap10.1)) (&& (== net40) (>= xamarintvos)) (== net462)
      System.Reactive (>= 4.2) - restriction: || (&& (== net40) (>= net46)) (&& (== net40) (>= netstandard2.0)) (&& (== net40) (>= uap10.0)) (== net462)
      System.Threading.Tasks.Extensions (>= 4.5.3) - restriction: || (&& (== net40) (>= net46)) (&& (== net40) (>= netstandard2.0)) (&& (== net40) (>= uap10.0)) (== net462)
    System.Reactive.Providers (4.2) - restriction: || (&& (== net40) (>= net461)) (&& (== net40) (>= netstandard2.0)) (&& (== net40) (>= tizen4.0)) (&& (== net40) (>= uap10.1)) (&& (== net40) (>= xamarintvos)) (== net462)
      System.Reactive (>= 4.2) - restriction: || (&& (== net40) (>= net46)) (&& (== net40) (>= netstandard2.0)) (&& (== net40) (>= uap10.0)) (== net462)
      System.Threading.Tasks.Extensions (>= 4.5.3) - restriction: || (&& (== net40) (>= net46)) (&& (== net40) (>= netstandard2.0)) (&& (== net40) (>= uap10.0)) (== net462)
    System.Reactive.Runtime.Remoting (4.2) - restriction: || (&& (== net40) (>= net45) (>= netstandard2.0)) (&& (== net40) (>= net45) (>= tizen4.0)) (&& (== net40) (>= net45) (>= uap10.1)) (&& (== net40) (>= net45) (>= xamarintvos)) (&& (== net40) (>= net461)) (== net462)
      System.Reactive (>= 4.2) - restriction: || (&& (== net40) (>= net46)) (== net462)
      System.Threading.Tasks.Extensions (>= 4.5.3) - restriction: || (&& (== net40) (>= net46)) (== net462)
    System.Reactive.Windows.Forms (4.2) - restriction: || (&& (== net40) (>= net45) (>= netstandard2.0)) (&& (== net40) (>= net45) (>= tizen4.0)) (&& (== net40) (>= net45) (>= uap10.1)) (&& (== net40) (>= net45) (>= xamarintvos)) (&& (== net40) (>= net461)) (== net462)
      System.Reactive (>= 4.2) - restriction: || (&& (== net40) (>= net46)) (== net462)
      System.Threading.Tasks.Extensions (>= 4.5.3) - restriction: || (&& (== net40) (>= net46)) (== net462)
    System.Reactive.Windows.Threading (4.2) - restriction: || (&& (== net40) (>= net45) (>= netstandard2.0)) (&& (== net40) (>= net45) (>= tizen4.0)) (&& (== net40) (>= net45) (>= xamarintvos)) (&& (== net40) (>= net461)) (&& (== net40) (>= netstandard2.0) (>= uap10.0)) (&& (== net40) (>= tizen4.0) (>= uap10.0)) (&& (== net40) (>= uap10.0) (>= xamarintvos)) (&& (== net40) (>= uap10.1)) (== net462)
      System.Reactive (>= 4.2) - restriction: || (&& (== net40) (>= net46)) (&& (== net40) (>= uap10.0)) (== net462)
      System.Threading.Tasks.Extensions (>= 4.5.3) - restriction: || (&& (== net40) (>= net46)) (&& (== net40) (>= uap10.0)) (== net462)
    System.Runtime.CompilerServices.Unsafe (4.6) - restriction: || (&& (== net40) (>= net461)) (&& (== net40) (>= netstandard2.0)) (&& (== net40) (>= uap10.1)) (== net462)
    System.Threading.Tasks.Extensions (4.5.3) - restriction: || (&& (== net40) (>= net461)) (&& (== net40) (>= netstandard2.0)) (&& (== net40) (>= uap10.1)) (== net462)
      System.Runtime.CompilerServices.Unsafe (>= 4.5.2) - restriction: || (&& (== net40) (>= net45)) (&& (== net40) (>= netstandard1.0)) (&& (== net40) (>= netstandard2.0)) (&& (== net40) (>= portable-net45+win8+wp8+wpa81)) (&& (== net40) (>= win8)) (&& (== net40) (>= wp8)) (&& (== net40) (>= wpa81)) (== net462)
    System.ValueTuple (4.5) - restriction: || (&& (== net40) (>= net461)) (== net462)
    TinyIoC (1.3)
    WindowsAPICodePack-Core (1.1.2)
    WindowsAPICodePack-Shell (1.1.1)
      WindowsAPICodePack-Core (>= 1.1.1)
    xunit (2.4.1)
      xunit.analyzers (>= 0.10)
      xunit.assert (2.4.1)
      xunit.core (2.4.1)
    xunit.abstractions (2.0.3) - restriction: || (&& (== net40) (>= netstandard1.1)) (== net462)
    xunit.analyzers (0.10)
    xunit.assert (2.4.1)
    xunit.core (2.4.1)
      xunit.extensibility.core (2.4.1)
      xunit.extensibility.execution (2.4.1)
    xunit.extensibility.core (2.4.1)
      xunit.abstractions (>= 2.0.3) - restriction: || (&& (== net40) (>= netstandard1.1)) (== net462)
    xunit.extensibility.execution (2.4.1)
      xunit.extensibility.core (2.4.1) - restriction: || (&& (== net40) (>= netstandard1.1)) (== net462)
