RESTRICTION: == net462
NUGET
  remote: https://www.nuget.org/api/v2
    ControlzEx (3.0.2.4)
    Costura.Fody (2.0.1)
      Fody (>= 3.0.3)
    Fody (3.0.4)
    MahApps.Metro (1.6.5)
      ControlzEx (>= 3.0.2.4 < 4.0)
    MahApps.Metro.IconPacks (2.3)
      ControlzEx (>= 3.0.2.4 < 4.0)
    MahApps.Metro.SimpleChildWindow (1.5)
      MahApps.Metro (>= 1.6)
    MaterialDesignColors (1.1.3)
    MaterialDesignThemes (2.5.0-ci1188)
      MaterialDesignColors (>= 1.1)
    Newtonsoft.Json (11.0.2)
    NLog (4.5.10)
    QuickIO.NET (2.6.2)
    reactiveui (7.4)
      reactiveui-core (7.4)
    reactiveui-core (7.4)
      Rx-Main (>= 2.2.5)
      Rx-XAML (>= 2.2.5)
      Splat (>= 1.4 < 2.0)
    reactiveui-events (7.4)
      Rx-Main (>= 2.2.5)
    Rx-Core (2.2.5)
      Rx-Interfaces (>= 2.2.5)
    Rx-Interfaces (2.2.5)
    Rx-Linq (2.2.5)
      Rx-Core (>= 2.2.5)
      Rx-Interfaces (>= 2.2.5)
    Rx-Main (2.2.5)
      Rx-Core (>= 2.2.5)
      Rx-Interfaces (>= 2.2.5)
      Rx-Linq (>= 2.2.5)
      Rx-PlatformServices (>= 2.2.5)
    Rx-PlatformServices (2.3)
      Rx-Core (>= 2.2)
      Rx-Interfaces (>= 2.2)
    Rx-XAML (2.2.5)
      Rx-Main (>= 2.2.5)
    Splat (1.6.2)
    TinyIoC (1.3)
    WindowsAPICodePack-Core (1.1.2)
    WindowsAPICodePack-Shell (1.1.1)
      WindowsAPICodePack-Core (>= 1.1.1)
    xunit (2.4)
      xunit.analyzers (>= 0.10)
      xunit.assert (2.4)
      xunit.core (2.4)
    xunit.abstractions (2.0.3)
    xunit.analyzers (0.10)
    xunit.assert (2.4)
    xunit.core (2.4)
      xunit.extensibility.core (2.4)
      xunit.extensibility.execution (2.4)
    xunit.extensibility.core (2.4)
      xunit.abstractions (>= 2.0.2)
    xunit.extensibility.execution (2.4)
      xunit.extensibility.core (2.4)
  remote: https://ci.appveyor.com/nuget/gong-wpf-dragdrop
    gong-wpf-dragdrop (2.0.0-pullrequest0297-0018)
